GEM
  remote: https://rubygems.org/
  specs:
    ansi (1.5.0)
    builder (3.2.2)
    highline (1.7.2)
    minitest (5.6.1)
    minitest-reporters (1.0.14)
      ansi
      builder
      minitest (>= 5.0)
      ruby-progressbar
    ruby-progressbar (1.7.5)
    sqlite3 (1.3.10)

PLATFORMS
  ruby

DEPENDENCIES
  highline
  minitest
  minitest-reporters
  sqlite3
